GEM
  remote: http://rubygems.org/
  specs:
    json (2.1.0)
    mustermann (1.0.3)
    oauth (0.5.4)
    rack (2.0.6)
    rack-protection (2.0.4)
      rack
    sinatra (2.0.4)
      mustermann (~> 1.0)
      rack (~> 2.0)
      rack-protection (= 2.0.4)
      tilt (~> 2.0)
    tilt (2.0.9)
    upwork-api (1.3.0)
      oauth (>= 0.4.7)

PLATFORMS
  ruby

DEPENDENCIES
  json
  sinatra
  upwork-api

BUNDLED WITH
   1.17.1
